GEM
  specs:

GEM
  remote: https://rubygems.org/
  specs:
    dotenv (2.7.5)
    httparty (0.21.0)
      mini_mime (>= 1.0.0)
      multi_xml (>= 0.5.2)
    json (2.3.0)
    mini_mime (1.1.2)
    multi_xml (0.6.0)
    sqlite3 (1.4.2)

PLATFORMS
  ruby

DEPENDENCIES
  dotenv!
  httparty!
  json!
  sqlite3!

BUNDLED WITH
   2.1.4
