GEM
  remote: https://rubygems.org/
  specs:
    dotenv (2.7.5)
    httparty (0.18.0)
      mime-types (~> 3.0)
      multi_xml (>= 0.5.2)
    json (2.3.0)
    mime-types (3.3.1)
      mime-types-data (~> 3.2015)
    mime-types-data (3.2019.1009)
    multi_xml (0.6.0)
    sqlite3 (1.4.2)

PLATFORMS
  ruby

DEPENDENCIES
  dotenv!
  httparty!
  json!
  sqlite3!

BUNDLED WITH
   2.1.4
